GEM
  remote: https://rubygems.org/
  specs:
    activesupport (7.0.4.3)
      concurrent-ruby (~> 1.0, >= 1.0.2)
      i18n (>= 1.6, < 2)
      minitest (>= 5.1)
      tzinfo (~> 2.0)
    array_include_methods (1.4.0)
    chunky_png (1.4.0)
    cocoa (0.1.6)
      activesupport
      ffi
    color (1.8)
    concurrent-ruby (1.2.2)
    equalizer (0.0.11)
    facets (3.1.0)
    ffi (1.15.5-x64-mingw-ucrt)
    glimmer (2.7.3)
      array_include_methods (~> 1.4.0)
      facets (>= 3.1.0, < 4.0.0)
    glimmer-dsl-libui (0.7.3)
      chunky_png (~> 1.4.0)
      color (~> 1.8)
      equalizer (= 0.0.11)
      glimmer (~> 2.7.3)
      libui (~> 0.1.2.pre)
      os (>= 1.0.0, < 2.0.0)
      perfect-shape (~> 1.0.7)
      rouge (>= 3.26.0, < 4.0.0)
      super_module (~> 1.4.1)
    i18n (1.13.0)
      concurrent-ruby (~> 1.0)
    libui (0.1.2.pre-x64-mingw)
    matrix (0.4.2)
    method_source (1.0.0)
    minitest (5.18.0)
    os (1.1.4)
    perfect-shape (1.0.7)
      equalizer (>= 0.0.11, < 1.1.0)
      matrix (>= 0.4.2, < 1.1.0)
    rouge (3.30.0)
    sqlite3 (1.6.2-x64-mingw-ucrt)
    super_module (1.4.1)
      method_source (>= 0.8.2, < 1.1.0)
    tzinfo (2.0.6)
      concurrent-ruby (~> 1.0)

PLATFORMS
  x64-mingw-ucrt

DEPENDENCIES
  cocoa
  glimmer-dsl-libui
  sqlite3

BUNDLED WITH
   2.3.26
